PATH
  remote: .
  specs:
    callback (0.1)

GEM
  remote: https://rubygems.org/
  specs:
    rake (10.3.2)

PLATFORMS
  ruby

DEPENDENCIES
  callback!
  rake
